PATH
  remote: .
  specs:
    ru_bittrex (0.2.0)
      faraday (~> 1.0.1)

GEM
  remote: https://rubygems.org/
  specs:
    faraday (1.0.1)
      multipart-post (>= 1.2, < 3)
    minitest (5.14.2)
    mocha (1.11.2)
    multipart-post (2.1.1)
    rake (12.3.3)

PLATFORMS
  ruby

DEPENDENCIES
  minitest (~> 5.0)
  mocha (~> 1.11.2)
  rake (~> 12.0)
  ru_bittrex!

BUNDLED WITH
   2.1.4
