PATH
  remote: .
  specs:
    bittrex (0.1.0)
      faraday

GEM
  remote: https://rubygems.org/
  specs:
    faraday (1.0.1)
      multipart-post (>= 1.2, < 3)
    minitest (5.14.2)
    multipart-post (2.1.1)
    rake (12.3.3)

PLATFORMS
  ruby

DEPENDENCIES
  bittrex!
  minitest (~> 5.0)
  rake (~> 12.0)

BUNDLED WITH
   2.1.4
